GEM
  remote: https://rubygems.org/
  specs:
    addressable (2.8.7)
      public_suffix (>= 2.0.2, < 7.0)
    ethon (0.16.0)
      ffi (>= 1.15.0)
    ffi (1.17.1)
    ffi (1.17.1-arm64-darwin)
    ffi (1.17.1-x86_64-darwin)
    html-proofer (3.19.4)
      addressable (~> 2.3)
      mercenary (~> 0.3)
      nokogiri (~> 1.13)
      parallel (~> 1.10)
      rainbow (~> 3.0)
      typhoeus (~> 1.3)
      yell (~> 2.0)
    mercenary (0.4.0)
    mini_portile2 (2.8.8)
    nokogiri (1.18.3)
      mini_portile2 (~> 2.8.2)
      racc (~> 1.4)
    nokogiri (1.18.3-arm64-darwin)
      racc (~> 1.4)
    nokogiri (1.18.3-x86_64-darwin)
      racc (~> 1.4)
    parallel (1.26.3)
    public_suffix (6.0.1)
    racc (1.8.1)
    rainbow (3.1.1)
    typhoeus (1.4.1)
      ethon (>= 0.9.0)
    yell (2.2.2)

PLATFORMS
  aarch64-linux
  arm64-darwin
  ruby
  x86_64-darwin

DEPENDENCIES
  html-proofer (~> 3.19)

RUBY VERSION
   ruby 3.1.2p20

BUNDLED WITH
   2.6.5
